GEM
  remote: https://rubygems.org/
  specs:
    activemodel (5.2.2)
      activesupport (= 5.2.2)
    activesupport (5.2.2)
      concurrent-ruby (~> 1.0, >= 1.0.2)
      i18n (>= 0.7, < 2)
      minitest (~> 5.1)
      tzinfo (~> 1.1)
    async (1.17.0)
      event (~> 1.3)
      nio4r (~> 2.3)
      timers (~> 4.1)
    async-container (0.10.2)
      async (~> 1.0)
      async-io (~> 1.4)
      process-group
    async-http (0.38.1)
      async (~> 1.14)
      async-io (~> 1.18)
      http-protocol (~> 0.15)
    async-io (1.20.0)
      async (~> 1.14)
    bcrypt (3.1.12)
    bson (4.4.2)
    build-environment (1.7.0)
    byebug (11.0.0)
    concurrent-ruby (1.1.5)
    event (1.5.0)
    faker (1.9.3)
      i18n (>= 0.7)
    falcon (0.26.0)
      async (~> 1.13)
      async-container (~> 0.10.0)
      async-http (~> 0.38.0)
      async-io (~> 1.20)
      build-environment (~> 1.6)
      http-protocol (~> 0.15)
      localhost (~> 1.1)
      rack (>= 1.0)
      samovar (~> 1.3)
    http-hpack (0.1.1)
    http-protocol (0.15.0)
      http-hpack (~> 0.1.0)
    i18n (1.6.0)
      concurrent-ruby (~> 1.0)
    localhost (1.1.4)
    mapping (1.1.1)
    minitest (5.11.3)
    mongo (2.7.1)
      bson (>= 4.4.2, < 5.0.0)
    mongoid (6.4.2)
      activemodel (>= 5.1, < 6.0.0)
      mongo (>= 2.5.1, < 3.0.0)
    mustermann (1.0.3)
    nio4r (2.3.1)
    process-group (1.1.0)
    rack (2.0.6)
    rack-protection (2.0.5)
      rack
    rack-test (1.1.0)
      rack (>= 1.0, < 3)
    rake (12.3.2)
    redis (4.1.0)
    samovar (1.10.0)
      event
      mapping (~> 1.0)
    sinatra (2.0.5)
      mustermann (~> 1.0)
      rack (~> 2.0)
      rack-protection (= 2.0.5)
      tilt (~> 2.0)
    thread_safe (0.3.6)
    tilt (2.0.9)
    timers (4.3.0)
    tzinfo (1.2.5)
      thread_safe (~> 0.1)

PLATFORMS
  ruby

DEPENDENCIES
  bcrypt
  byebug
  faker
  falcon
  mongoid
  rack-test
  rake
  redis
  sinatra

BUNDLED WITH
   2.0.1
